GEM
  remote: https://rubygems.org/
  specs:
    json (2.1.0)
    rack (1.6.8)
    rack-protection (1.5.3)
      rack
    sinatra (1.4.7)
      rack (~> 1.5)
      rack-protection (~> 1.4)
      tilt (>= 1.3, < 3)
    tilt (2.0.8)

PLATFORMS
  ruby

DEPENDENCIES
  json (= 2.1.0)
  sinatra (= 1.4.7)

RUBY VERSION
   ruby 2.4.3p205

BUNDLED WITH
   1.16.1