GEM
  remote: https://rubygems.org/
  specs:
    json (2.3.0)
    rack (2.2.3.1)
    rack-protection (1.5.5)
      rack
    sinatra (1.4.7)
      rack (>= 2.1.4)
      rack-protection (~> 1.4)
      tilt (>= 1.3, < 3)
    tilt (2.0.10)

PLATFORMS
  ruby

DEPENDENCIES
  json (= 2.3.0)
  sinatra (= 1.4.7)

RUBY VERSION
   ruby 2.4.3p205

BUNDLED WITH
   1.16.1