GEM
  remote: https://rubygems.org/
  specs:
    json (2.3.0)
    mustermann (1.1.1)
      ruby2_keywords (~> 0.0.1)
    rack (2.2.6.2)
    rack-protection (2.2.0)
      rack
    ruby2_keywords (0.0.5)
    sinatra (2.2.0)
      mustermann (~> 1.0)
      rack (~> 2.2)
      rack-protection (= 2.2.0)
      tilt (~> 2.0)
    tilt (2.0.10)

PLATFORMS
  ruby

DEPENDENCIES
  json (= 2.3.0)
  sinatra (= 2.2.0)

RUBY VERSION
   ruby 2.4.3p205

BUNDLED WITH
   1.16.1